GEM
  remote: https://rubygems.org/
  specs:
    nokogiri (1.13.9-arm64-darwin)
      racc (~> 1.4)
    racc (1.6.0)
    roo (2.9.0)
      nokogiri (~> 1)
      rubyzip (>= 1.3.0, < 3.0.0)
    roo-xls (1.2.0)
      nokogiri
      roo (>= 2.0.0, < 3)
      spreadsheet (> 0.9.0)
    ruby-ole (1.2.12.2)
    rubyzip (2.3.2)
    spreadsheet (1.3.0)
      ruby-ole

PLATFORMS
  arm64-darwin-21

DEPENDENCIES
  roo-xls

BUNDLED WITH
   2.3.16
